GEM
  remote: http://rubygems.org/
  specs:
    addressable (2.2.1)
    hoe (2.6.2)
      rake (>= 0.8.7)
      rubyforge (>= 2.0.4)
    json_pure (1.4.6)
    net-http-persistent (1.3.1)
    nokogiri (1.4.3.1)
    rake (0.8.7)
    rubyforge (2.0.4)
      json_pure (>= 1.1.7)

PLATFORMS
  ruby

DEPENDENCIES
  addressable
  hoe
  net-http-persistent
  nokogiri
  rubyforge
